PATH
  remote: .
  specs:
    nmunch (1.0.0)
      methadone (~> 1.2.3)
      paint
      pcap

GEM
  remote: https://rubygems.org/
  specs:
    diff-lcs (1.1.3)
    methadone (1.2.3)
      bundler
    paint (0.8.5)
    pcap (0.7.7)
    rake (0.9.5)
    rspec (2.12.0)
      rspec-core (~> 2.12.0)
      rspec-expectations (~> 2.12.0)
      rspec-mocks (~> 2.12.0)
    rspec-core (2.12.1)
    rspec-expectations (2.12.0)
      diff-lcs (~> 1.1.3)
    rspec-mocks (2.12.0)

PLATFORMS
  ruby

DEPENDENCIES
  nmunch!
  rake (~> 0.9.2)
  rspec
